GEM
  remote: https://rubygems.org/
  specs:
    concurrent-ruby (1.2.2)
    dotenv (2.8.1)
    gene_pool (1.5.0)
      concurrent-ruby (>= 1.0)
    http-exceptions (0.1.6)
    httparty (0.21.0)
      mini_mime (>= 1.0.0)
      multi_xml (>= 0.5.2)
    mini_mime (1.1.2)
    multi_xml (0.6.0)
    oanda_api_v20 (1.5.0)
      http-exceptions (~> 0.1)
      httparty (~> 0.13)
      persistent_httparty (~> 0.1)
    persistent_http (1.0.6)
      gene_pool (>= 1.3)
    persistent_httparty (0.1.2)
      httparty (~> 0.9)
      persistent_http (< 2)

PLATFORMS
  x86_64-linux

DEPENDENCIES
  dotenv
  oanda_api_v20

BUNDLED WITH
   2.3.22
